GEM
  remote: http://rubygems.org/
  specs:
    activesupport (3.0.9)
    daemons (1.1.4)
    diff-lcs (1.1.2)
    eventmachine (0.12.10)
    i18n (0.6.0)
    rspec (2.6.0)
      rspec-core (~> 2.6.0)
      rspec-expectations (~> 2.6.0)
      rspec-mocks (~> 2.6.0)
    rspec-core (2.6.4)
    rspec-expectations (2.6.0)
      diff-lcs (~> 1.1.2)
    rspec-mocks (2.6.0)

PLATFORMS
  ruby

DEPENDENCIES
  activesupport (>= 3.0.0)
  daemons
  eventmachine
  i18n
  rspec
